GEM
  remote: http://rubygems.org/
  specs:
    commonjs (0.2.7)
    graphite_graph (0.0.8)
    json (1.8.2)
    less (2.2.2)
      commonjs (~> 0.2.6)
    libv8 (3.16.14.7)
    rack (1.6.0)
    rack-protection (1.5.3)
      rack
    redcarpet (3.2.2)
    ref (1.0.5)
    sinatra (1.4.5)
      rack (~> 1.4)
      rack-protection (~> 1.4)
      tilt (~> 1.3, >= 1.3.4)
    therubyracer (0.12.1)
      libv8 (~> 3.16.14.0)
      ref
    tilt (1.4.1)

PLATFORMS
  ruby

DEPENDENCIES
  graphite_graph (~> 0.0.8)
  json
  less (~> 2.2.1)
  redcarpet
  sinatra
  therubyracer
